GEM
  remote: https://rubygems.org/
  specs:
    on_rules (0.0.1)
      rack (~> 2.2)
      webrick
    rack (2.2.8.1)
    webrick (1.8.1)

PLATFORMS
  ruby
  x86_64-linux

DEPENDENCIES
  on_rules

BUNDLED WITH
   2.5.3
